GEM
  remote: https://rubygems.org/
  specs:
    colorize (0.7.7)
    terminal-table (1.5.2)

PLATFORMS
  ruby

DEPENDENCIES
  colorize
  terminal-table

BUNDLED WITH
   1.11.2
